GEM
  remote: https://rubygems.org/
  specs:
    curb (0.9.10)
    mini_portile2 (2.8.0)
    nokogiri (1.13.5)
      mini_portile2 (~> 2.8.0)
      racc (~> 1.4)
    racc (1.6.0)

PLATFORMS
  ruby

DEPENDENCIES
  curb
  nokogiri

BUNDLED WITH
   2.1.2
