GEM
  remote: https://rubygems.org/
  specs:
    curb (0.9.10)
    mini_portile2 (2.4.0)
    nokogiri (1.10.9)
      mini_portile2 (~> 2.4.0)

PLATFORMS
  ruby

DEPENDENCIES
  curb
  nokogiri

BUNDLED WITH
   2.1.2
