GEM
  remote: https://rubygems.org/
  specs:
    curb (0.9.10)
    mini_portile2 (2.6.1)
    nokogiri (1.12.5)
      mini_portile2 (~> 2.6.1)
      racc (~> 1.4)
    racc (1.5.2)

PLATFORMS
  ruby

DEPENDENCIES
  curb
  nokogiri

BUNDLED WITH
   2.1.2
